PATH
  remote: .
  specs:
    salvage (0.2.0)

GEM
  remote: https://rubygems.org/
  specs:
    rake (0.8.7)

PLATFORMS
  ruby

DEPENDENCIES
  rake (~> 0)
  salvage!
