PATH
  remote: .
  specs:
    salvage (0.3.1)

GEM
  remote: https://rubygems.org/
  specs:
    minitest (5.10.3)
    rake (12.3.0)

PLATFORMS
  ruby

DEPENDENCIES
  minitest
  rake
  salvage!

BUNDLED WITH
   1.16.0
